GEM
  remote: http://rubygems.org/
  specs:
    boom (0.2.3)
      json_pure (~> 1.5.3)
      multi_json (~> 1.0.3)
    gem-ctags (1.0.4)
    json_pure (1.5.4)
      spruz (~> 0.2.8)
    multi_json (1.0.4)
    rake (10.0.2)
    spruz (0.2.13)

PLATFORMS
  ruby

DEPENDENCIES
  boom
  bundler
  gem-ctags
  rake
